GEM
  remote: https://rubygems.org/
  specs:
    ansi (1.5.0)
    bigdecimal (3.1.8)
    builder (3.3.0)
    dotenv (3.1.7)
    httparty (0.20.0)
      mime-types (~> 3.0)
      multi_xml (>= 0.5.2)
    logger (1.6.2)
    mime-types (3.6.0)
      logger
      mime-types-data (~> 3.2015)
    mime-types-data (3.2024.1203)
    minitest (5.25.4)
    minitest-reporters (1.7.1)
      ansi
      builder
      minitest (>= 5.0)
      ruby-progressbar
    multi_xml (0.7.1)
      bigdecimal (~> 3.1)
    ruby-progressbar (1.13.0)

PLATFORMS
  x64-mingw-ucrt

DEPENDENCIES
  dotenv
  httparty (~> 0.20.0)
  minitest (~> 5.18)
  minitest-reporters

BUNDLED WITH
   2.5.23
